GEM
  remote: https://rubygems.org/
  specs:
    mysql2 (0.4.6)
    rake (12.0.0)

PLATFORMS
  ruby

DEPENDENCIES
  mysql2
  rake
