GEM
  remote: https://rubygems.org/
  specs:
    dotenv (2.2.1)
    mysql2 (0.4.6)
    rake (12.0.0)

PLATFORMS
  ruby

DEPENDENCIES
  dotenv
  mysql2
  rake
